PATH
  remote: .
  specs:
    satellite-puppet (0.1.0)

GEM
  remote: https://rubygems.org/
  specs:
    CFPropertyList (2.2.8)
    domain_name (0.5.25)
      unf (>= 0.0.5, < 1.0.0)
    facter (2.4.4)
      CFPropertyList (~> 2.2.6)
    hiera (3.0.5)
      json_pure
    http-cookie (1.0.2)
      domain_name (~> 0.5)
    json (1.8.3)
    json_pure (1.8.3)
    mime-types (2.99)
    netrc (0.11.0)
    puppet (4.3.1)
      facter (> 2.0, < 4)
      hiera (>= 2.0, < 4)
      json_pure
    puppet-blacksmith (3.3.1)
      puppet (>= 2.7.16)
      rest-client
    rake (10.4.2)
    rest-client (1.8.0)
      http-cookie (>= 1.0.2, < 2.0)
      mime-types (>= 1.16, < 3.0)
      netrc (~> 0.7)
    unf (0.1.4)
      unf_ext
    unf_ext (0.0.7.1)

PLATFORMS
  ruby

DEPENDENCIES
  bundler (~> 1.6)
  json
  puppet-blacksmith
  rake
  rest-client
  satellite-puppet!
